GEM
  remote: https://rubygems.org/
  specs:
    hashie (4.1.0)
    inflecto (0.0.2)
    nio4r (2.5.7)
    oj (3.3.2)
    pg (1.2.3)
    puma (5.3.2)
      nio4r (~> 2.0)
    rack (2.2.3)
    rack-unreloader (1.7.0)
    roda (3.44.0)
      rack
    sequel (5.45.0)
    sequel_pg (1.14.0)
      pg (>= 0.18.0, != 1.2.0)
      sequel (>= 4.38.0)

PLATFORMS
  ruby

DEPENDENCIES
  hashie (~> 4.1.0)
  inflecto (~> 0.0.2)
  oj
  puma (~> 5.3.2)
  rack-unreloader (~> 1.7.0)
  roda (~> 3.44.0)
  sequel (~> 5.45.0)
  sequel_pg (~> 1.14.0)

BUNDLED WITH
   1.17.2
